GEM
  remote: http://rubygems.org/
  specs:
    bootstrap-sass (2.0.3.1)
    chunky_png (1.2.5)
    compass (0.12.1)
      chunky_png (~> 1.2)
      fssm (>= 0.2.7)
      sass (~> 3.1)
    compass-960-plugin (0.10.4)
      compass (>= 0.10.0)
    compass-normalize-plugin (0.3.0)
      compass (>= 0.11.1)
    daemons (1.1.8)
    eventmachine (0.12.10)
    fssm (0.2.9)
    haml (3.1.6)
    rack (1.4.1)
    rack-protection (1.2.0)
      rack
    sass (3.1.19)
    sinatra (1.3.2)
      rack (~> 1.3, >= 1.3.6)
      rack-protection (~> 1.2)
      tilt (~> 1.3, >= 1.3.3)
    thin (1.2.11)
      daemons (>= 1.0.9)
      eventmachine (>= 0.12.6)
      rack (>= 1.0.0)
    tilt (1.3.3)

PLATFORMS
  ruby

DEPENDENCIES
  bootstrap-sass
  compass
  compass-960-plugin
  compass-normalize-plugin
  haml
  sinatra
  thin
